GEM
  remote: https://rubygems.org/
  specs:
    addressable (2.3.4)
    arachni (0.4.2)
      addressable (~> 2.3.2)
      arachni-rpc-em (~> 0.1.3)
      awesome_print
      bundler (>= 1.0.0)
      highline
      json
      nokogiri (>= 1.5.7.rc1)
      pony
      rb-readline
      sys-proctable (>= 0.9.1)
      terminal-table (>= 1.4.2)
      typhoeus (~> 0.3.3)
    arachni-rpc (0.1.3)
    arachni-rpc-em (0.1.3)
      arachni-rpc (= 0.1.3)
      em-synchrony (>= 1.0.0)
      eventmachine (~> 1.0.0)
    awesome_print (1.1.0)
    backports (3.3.1)
    childprocess (0.3.9)
      ffi (~> 1.0, >= 1.0.11)
    em-synchrony (1.0.3)
      eventmachine (>= 1.0.0.beta.1)
    eventmachine (1.0.3)
    ffi (1.8.1)
    haml (4.0.3)
      tilt
    har (0.0.9)
      jschematic (>= 0.1.0)
      json
      launchy (>= 0.3.7)
    headless (1.0.1)
    highline (1.6.19)
    jschematic (0.1.0)
      addressable
    json (1.8.0)
    launchy (2.3.0)
      addressable (~> 2.3)
    logger (1.2.8)
    mail (2.5.4)
      mime-types (~> 1.16)
      treetop (~> 1.4.8)
    mime-types (1.23)
    mini_portile (0.5.0)
    multi_json (1.7.6)
    nokogiri (1.6.0.rc1)
      mini_portile (~> 0.5.0)
    polyglot (0.3.3)
    pony (1.4.1)
      mail (> 2.0)
    rack (1.5.2)
    rack-protection (1.5.0)
      rack
    rack-test (0.6.2)
      rack (>= 1.0)
    rb-readline (0.5.0)
    rubyzip (0.9.9)
    selenium-webdriver (2.33.0)
      childprocess (>= 0.2.5)
      multi_json (~> 1.0)
      rubyzip
      websocket (~> 1.0.4)
    sinatra (1.3.3)
      rack (~> 1.3, >= 1.3.6)
      rack-protection (~> 1.2)
      tilt (~> 1.3, >= 1.3.3)
    sinatra-contrib (1.3.2)
      backports (>= 2.0)
      eventmachine
      rack-protection
      rack-test
      sinatra (~> 1.3.0)
      tilt (~> 1.3)
    sinatra-twitter-bootstrap (2.3.1.1)
    sys-proctable (0.9.3)
    terminal-table (1.4.5)
    tilt (1.4.1)
    treetop (1.4.14)
      polyglot
      polyglot (>= 0.3.1)
    trollop (2.0)
    typhoeus (0.3.3)
      mime-types
    watir-webdriver (0.6.4)
      selenium-webdriver (>= 2.18.0)
    webrick (1.3.1)
    websocket (1.0.7)

PLATFORMS
  ruby

DEPENDENCIES
  arachni
  awesome_print
  haml
  har
  headless
  json
  logger
  selenium-webdriver
  sinatra (= 1.3.3)
  sinatra-contrib
  sinatra-twitter-bootstrap
  trollop
  watir-webdriver
  webrick
