GEM
  remote: https://rubygems.org/
  specs:
    addressable (2.3.2)
    awesome_print (1.1.0)
    backports (2.6.5)
    browsermob-proxy (0.0.9)
      childprocess
      har
      multi_json (~> 1.0)
      rest-client
    childprocess (0.3.6)
      ffi (~> 1.0, >= 1.0.6)
    cookiejar (0.3.0)
    em-http-request (1.0.3)
      addressable (>= 2.2.3)
      cookiejar
      em-socksify
      eventmachine (>= 1.0.0.beta.4)
      http_parser.rb (>= 0.5.3)
    em-socksify (0.2.1)
      eventmachine (>= 1.0.0.beta.4)
    eventmachine (1.0.0)
    faye-websocket (0.4.6)
      eventmachine (>= 0.12.0)
    ffi (1.2.0)
    har (0.0.9)
      jschematic (>= 0.1.0)
      json
      launchy (>= 0.3.7)
    headless (0.3.1)
    http_parser.rb (0.5.3)
    jschematic (0.1.0)
      addressable
    json (1.7.5)
    launchy (2.1.2)
      addressable (~> 2.3)
    libwebsocket (0.1.7.1)
      addressable
      websocket
    logger (1.2.8)
    mime-types (1.19)
    multi_json (1.5.0)
    rack (1.4.1)
    rack-protection (1.3.2)
      rack
    rack-test (0.6.2)
      rack (>= 1.0)
    rake (10.0.3)
    rest-client (1.6.7)
      mime-types (>= 1.16)
    rubyzip (0.9.9)
    selenium-webdriver (2.27.2)
      childprocess (>= 0.2.5)
      libwebsocket (~> 0.1.3)
      multi_json (~> 1.0)
      rubyzip
    sinatra (1.3.3)
      rack (~> 1.3, >= 1.3.6)
      rack-protection (~> 1.2)
      tilt (~> 1.3, >= 1.3.3)
    sinatra-contrib (1.3.2)
      backports (>= 2.0)
      eventmachine
      rack-protection
      rack-test
      sinatra (~> 1.3.0)
      tilt (~> 1.3)
    sinatra-twitter-bootstrap (2.2.2.1)
    test-unit (2.5.3)
    tilt (1.3.3)
    trollop (2.0)
    watir-webdriver (0.6.2)
      selenium-webdriver (>= 2.18.0)
    watir-webdriver-performance (0.2.1)
      watir-webdriver
      watir-webdriver
    websocket (1.0.6)

PLATFORMS
  ruby

DEPENDENCIES
  awesome_print
  browsermob-proxy
  em-http-request
  faye-websocket
  har
  headless
  json
  logger
  rack-test
  rake
  selenium-webdriver
  sinatra
  sinatra-contrib
  sinatra-twitter-bootstrap
  test-unit
  trollop
  watir-webdriver
  watir-webdriver-performance
